GEM
  remote: https://rubygems.org/
  specs:
    addressable (2.3.8)
    bibtex-ruby (4.2.0)
      latex-decode (~> 0.0)
    citeproc (1.0.2)
      namae (~> 0.8)
    citeproc-ruby (1.1.0)
      citeproc (>= 1.0.2, < 2.0)
      csl (~> 1.4)
    colorator (0.1)
    colored (1.2)
    concurrent-ruby (1.0.1)
    configure-s3-website (1.7.1)
      deep_merge (= 1.0.0)
    csl (1.4.3)
      namae (~> 0.7)
    csl-styles (1.0.1.6)
      csl (~> 1.0)
    deep_merge (1.0.0)
    dotenv (1.0.2)
    execjs (2.6.0)
    exifr (1.2.4)
    fastimage (1.9.0)
      addressable (~> 2.3.5)
    ffi (1.9.10)
    fspath (2.1.1)
    image_optim (0.22.1)
      exifr (~> 1.2, >= 1.2.2)
      fspath (~> 2.1)
      image_size (~> 1.3)
      in_threads (~> 1.3)
      progress (~> 3.0, >= 3.0.1)
    image_optim_pack (0.2.1.20160221)
      fspath (~> 2.1)
      image_optim (~> 0.19)
    image_size (1.4.2)
    in_threads (1.3.1)
    jekyll (3.1.2)
      colorator (~> 0.1)
      jekyll-sass-converter (~> 1.0)
      jekyll-watch (~> 1.1)
      kramdown (~> 1.3)
      liquid (~> 3.0)
      mercenary (~> 0.3.3)
      rouge (~> 1.7)
      safe_yaml (~> 1.0)
    jekyll-assets (2.1.2)
      fastimage (~> 1.8)
      jekyll (~> 3.0)
      sprockets (~> 3.3)
      sprockets-helpers (~> 1.2)
      tilt (~> 2.0)
    jekyll-sass-converter (1.4.0)
      sass (~> 3.4)
    jekyll-scholar (5.7.2)
      bibtex-ruby (~> 4.0, >= 4.0.13)
      citeproc-ruby (~> 1.0)
      csl-styles (~> 1.0)
      jekyll (~> 3.0)
    jekyll-watch (1.3.1)
      listen (~> 3.0)
    json (1.8.3)
    kramdown (1.10.0)
    latex-decode (0.2.2)
      unicode (~> 0.4)
    liquid (3.0.6)
    listen (3.0.6)
      rb-fsevent (>= 0.9.3)
      rb-inotify (>= 0.9.7)
    mercenary (0.3.5)
    namae (0.10.1)
    progress (3.1.1)
    rack (1.6.4)
    rb-fsevent (0.9.7)
    rb-inotify (0.9.7)
      ffi (>= 0.5.0)
    rouge (1.10.1)
    s3_website (2.12.3)
      colored (= 1.2)
      configure-s3-website (= 1.7.1)
      dotenv (~> 1.0)
      thor (~> 0.18)
    safe_yaml (1.0.4)
    sass (3.4.21)
    sprockets (3.5.2)
      concurrent-ruby (~> 1.0)
      rack (> 1, < 3)
    sprockets-helpers (1.2.1)
      sprockets (>= 2.2)
    thor (0.19.1)
    tilt (2.0.2)
    uglifier (2.7.2)
      execjs (>= 0.3.0)
      json (>= 1.8.0)
    unicode (0.4.4.2)

PLATFORMS
  ruby

DEPENDENCIES
  image_optim
  image_optim_pack
  jekyll
  jekyll-assets
  jekyll-scholar
  s3_website
  uglifier

BUNDLED WITH
   1.11.2
