GEM
  remote: https://rubygems.org/
  specs:
    bibtex-ruby (3.1.6)
      latex-decode (~> 0.0)
    blankslate (2.1.2.4)
    celluloid (0.16.0)
      timers (~> 4.0.0)
    citeproc (1.0.1)
      namae (~> 0.8)
    citeproc-ruby (1.0.4)
      citeproc (~> 1.0)
      csl (~> 1.2)
    classifier-reborn (2.0.1)
      fast-stemmer (~> 1.0)
    coffee-script (2.3.0)
      coffee-script-source
      execjs
    coffee-script-source (1.8.0)
    colorator (0.1)
    colored (1.2)
    configure-s3-website (1.6.0)
      deep_merge (= 1.0.0)
    csl (1.2.3)
      namae (~> 0.7)
    csl-styles (1.0.1.5)
      csl (~> 1.0)
    deep_merge (1.0.0)
    dotenv (0.11.1)
      dotenv-deployment (~> 0.0.2)
    dotenv-deployment (0.0.2)
    execjs (2.2.2)
    exifr (1.2.0)
    fast-stemmer (1.0.2)
    ffi (1.9.6)
    ffi-compiler (0.1.3)
      ffi (>= 1.0.0)
      rake
    fspath (2.1.0)
    hike (1.2.3)
    hitimes (1.2.2)
    image_optim (0.19.0)
      exifr (~> 1.1, >= 1.1.3)
      fspath (~> 2.1)
      image_size (~> 1.3)
      in_threads (~> 1.2, >= 1.2.2)
      progress (~> 3.0, >= 3.0.1)
    image_size (1.3.1)
    in_threads (1.2.2)
    jekyll (2.4.0)
      classifier-reborn (~> 2.0)
      colorator (~> 0.1)
      jekyll-coffeescript (~> 1.0)
      jekyll-gist (~> 1.0)
      jekyll-paginate (~> 1.0)
      jekyll-sass-converter (~> 1.0)
      jekyll-watch (~> 1.1)
      kramdown (~> 1.3)
      liquid (~> 2.6.1)
      mercenary (~> 0.3.3)
      pygments.rb (~> 0.6.0)
      redcarpet (~> 3.1)
      safe_yaml (~> 1.0)
      toml (~> 0.1.0)
    jekyll-assets (0.10.1)
      jekyll (~> 2.0)
      sass (~> 3.2)
      sprockets (~> 2.10)
      sprockets-helpers
      sprockets-sass
    jekyll-coffeescript (1.0.1)
      coffee-script (~> 2.2)
    jekyll-gist (1.1.0)
    jekyll-paginate (1.1.0)
    jekyll-sass-converter (1.2.1)
      sass (~> 3.2)
    jekyll-scholar (4.1.0)
      bibtex-ruby (~> 3.0)
      citeproc-ruby (~> 1.0)
      csl-styles (~> 1.0)
      jekyll (~> 2.0)
    jekyll-watch (1.1.1)
      listen (~> 2.7)
    json (1.8.1)
    kramdown (1.4.2)
    latex-decode (0.1.1)
      unicode (~> 0.4)
    liquid (2.6.1)
    listen (2.7.11)
      celluloid (>= 0.15.2)
      rb-fsevent (>= 0.9.3)
      rb-inotify (>= 0.9)
    mercenary (0.3.4)
    multi_json (1.10.1)
    namae (0.9.2)
    parslet (1.5.0)
      blankslate (~> 2.0)
    posix-spawn (0.3.9)
    progress (3.0.1)
    pygments.rb (0.6.0)
      posix-spawn (~> 0.3.6)
      yajl-ruby (~> 1.1.0)
    rack (1.5.2)
    rake (10.3.2)
    rb-fsevent (0.9.4)
    rb-inotify (0.9.5)
      ffi (>= 0.5.0)
    redcarpet (3.2.0)
    s3_website (2.5.1)
      colored (= 1.2)
      configure-s3-website (= 1.6.0)
      dotenv (~> 0.11.1)
      thor (= 0.18.1)
    safe_yaml (1.0.4)
    sass (3.4.6)
    sprockets (2.12.2)
      hike (~> 1.2)
      multi_json (~> 1.0)
      rack (~> 1.0)
      tilt (~> 1.1, != 1.3.0)
    sprockets-helpers (1.1.0)
      sprockets (~> 2.0)
    sprockets-sass (1.2.0)
      sprockets (~> 2.0)
      tilt (~> 1.1)
    sprockets-webp (0.3.2)
      sprockets (~> 2.2)
      webp-ffi (~> 0.2.0)
    thor (0.18.1)
    tilt (1.4.1)
    timers (4.0.1)
      hitimes
    toml (0.1.2)
      parslet (~> 1.5.0)
    uglifier (2.5.3)
      execjs (>= 0.3.0)
      json (>= 1.8.0)
    unicode (0.4.4.1)
    webp-ffi (0.2.4)
      ffi (>= 1.9.0)
      ffi-compiler (>= 0.1.2)
    yajl-ruby (1.1.0)

PLATFORMS
  ruby

DEPENDENCIES
  image_optim
  jekyll
  jekyll-assets
  jekyll-scholar
  s3_website
  sprockets-webp
  uglifier
